GEM
  remote: https://rubygems.org/
  specs:
    embulk-output-postgresql (0.10.3-java)

PLATFORMS
  universal-java-11

DEPENDENCIES
  embulk-output-postgresql (~> 0.10.3)

BUNDLED WITH
   2.4.22
